GEM
  remote: https://rubygems.org/
  specs:
    diff-lcs (1.3)
    rake (12.0.0)
    rspec (3.6.0)
      rspec-core (~> 3.6.0)
      rspec-expectations (~> 3.6.0)
      rspec-mocks (~> 3.6.0)
    rspec-core (3.6.0)
      rspec-support (~> 3.6.0)
    rspec-expectations (3.6.0)
      diff-lcs (>= 1.2.0, < 2.0)
      rspec-support (~> 3.6.0)
    rspec-mocks (3.6.0)
      diff-lcs (>= 1.2.0, < 2.0)
      rspec-support (~> 3.6.0)
    rspec-support (3.6.0)
    yard (0.9.9)

PLATFORMS
  ruby

DEPENDENCIES
  rake
  rspec (~> 3.0)
  yard

BUNDLED WITH
   1.15.4
